PATH
  remote: .
  specs:
    jeweler (2.3.4)
      builder
      bundler (>= 1.0)
      git (>= 1.2.5)
      github_api (~> 0.11.0)
      highline (>= 1.6.15)
      nokogiri (>= 1.5.10)
      psych (~> 2.2)
      rake
      rdoc
      semver2

GEM
  remote: https://rubygems.org/
  specs:
    activesupport (3.2.22.5)
      i18n (~> 0.6, >= 0.6.4)
      multi_json (~> 1.0)
    addressable (2.5.0)
      public_suffix (~> 2.0, >= 2.0.2)
    bluecloth (2.2.0)
    builder (3.2.3)
    coveralls (0.8.19)
      json (>= 1.8, < 3)
      simplecov (~> 0.12.0)
      term-ansicolor (~> 1.3)
      thor (~> 0.19.1)
      tins (~> 1.6)
    cucumber (2.4.0)
      builder (>= 2.1.2)
      cucumber-core (~> 1.5.0)
      cucumber-wire (~> 0.0.1)
      diff-lcs (>= 1.1.3)
      gherkin (~> 4.0)
      multi_json (>= 1.7.5, < 2.0)
      multi_test (>= 0.1.2)
    cucumber-core (1.5.0)
      gherkin (~> 4.0)
    cucumber-wire (0.0.1)
    descendants_tracker (0.0.4)
      thread_safe (~> 0.3, >= 0.3.1)
    diff-lcs (1.3)
    docile (1.1.5)
    faraday (0.9.2)
      multipart-post (>= 1.2, < 3)
    gherkin (4.0.0)
    git (1.3.0)
    github_api (0.11.3)
      addressable (~> 2.3)
      descendants_tracker (~> 0.0.1)
      faraday (~> 0.8, < 0.10)
      hashie (>= 1.2)
      multi_json (>= 1.7.5, < 2.0)
      nokogiri (~> 1.6.0)
      oauth2
    hashie (3.5.1)
    highline (1.7.8)
    i18n (0.8.0)
    json (2.0.3)
    jwt (1.5.6)
    metaclass (0.0.4)
    mhennemeyer-output_catcher (1.0.1)
    mini_portile2 (2.1.0)
    mocha (1.2.1)
      metaclass (~> 0.0.1)
    multi_json (1.12.1)
    multi_test (0.1.2)
    multi_xml (0.6.0)
    multipart-post (2.0.0)
    nokogiri (1.6.8.1)
      mini_portile2 (~> 2.1.0)
    oauth2 (1.3.0)
      faraday (>= 0.8, < 0.11)
      jwt (~> 1.0)
      multi_json (~> 1.3)
      multi_xml (~> 0.5)
      rack (>= 1.2, < 3)
    power_assert (1.0.1)
    psych (2.2.2)
    public_suffix (2.0.5)
    rack (2.1.4)
    rake (12.0.0)
    rdoc (5.0.0)
    redgreen (1.2.2)
    rr (1.2.0)
    semver2 (3.4.2)
    shoulda (3.5.0)
      shoulda-context (~> 1.0, >= 1.0.1)
      shoulda-matchers (>= 1.4.1, < 3.0)
    shoulda-context (1.2.2)
    shoulda-matchers (2.8.0)
      activesupport (>= 3.0.0)
    simplecov (0.12.0)
      docile (~> 1.1.0)
      json (>= 1.8, < 3)
      simplecov-html (~> 0.10.0)
    simplecov-html (0.10.0)
    term-ansicolor (1.4.0)
      tins (~> 1.0)
    test-unit (3.2.3)
      power_assert
    test-unit-rr (1.0.5)
      rr (>= 1.1.1)
      test-unit (>= 2.5.2)
    test_construct (2.0.1)
    thor (0.19.4)
    thread_safe (0.3.5)
    timecop (0.8.1)
    tins (1.13.2)
    yard (0.9.8)

PLATFORMS
  ruby

DEPENDENCIES
  activesupport (~> 3.2.16)
  bluecloth
  builder
  bundler (>= 1.0)
  coveralls
  cucumber (>= 1.1.4)
  git (>= 1.2.5)
  github_api (~> 0.11.0)
  highline (>= 1.6.15)
  jeweler!
  mhennemeyer-output_catcher
  mocha
  nokogiri (>= 1.5.10)
  psych (~> 2.2)
  rake
  rdoc
  redgreen
  semver2
  shoulda
  simplecov
  test-unit
  test-unit-rr
  test_construct
  timecop
  yard (>= 0.8.5)

BUNDLED WITH
   1.13.6
